GEM
  remote: https://rubygems.org/
  specs:
    pg (0.18.1)
    rack (1.6.0)
    rack-protection (1.5.3)
      rack
    sequel (4.19.0)
    shotgun (0.9)
      rack (>= 1.0)
    sinatra (1.4.5)
      rack (~> 1.4)
      rack-protection (~> 1.4)
      tilt (~> 1.3, >= 1.3.4)
    tilt (1.4.1)

PLATFORMS
  ruby

DEPENDENCIES
  pg
  sequel
  shotgun
  sinatra
